GEM
  remote: http://rubygems.org/
  specs:
    activesupport (3.2.9)
      i18n (~> 0.6)
      multi_json (~> 1.0)
    annoy (0.5.6)
      highline (>= 1.5.0)
    blankslate (2.1.2.4)
    colorize (0.5.8)
    docile (1.1.0)
    drydock (0.6.9)
    git (1.2.5)
    highline (1.6.19)
    i18n (0.6.1)
    jeweler (1.8.4)
      bundler (~> 1.0)
      git (>= 1.2.5)
      rake
      rdoc
    json (1.7.5)
    json (1.7.5-java)
    multi_json (1.3.7)
    net-scp (1.1.2)
      net-ssh (>= 2.6.5)
    net-ssh (2.6.8)
    parslet (1.5.0)
      blankslate (~> 2.0)
    rake (10.0.2)
    rdoc (3.12)
      json (~> 1.4)
    rye (0.9.8)
      annoy
      docile (>= 1.0.1)
      highline (>= 1.5.1)
      net-scp (>= 1.0.2)
      net-ssh (>= 2.0.13)
      sysinfo (>= 0.7.3)
    shoulda (3.3.2)
      shoulda-context (~> 1.0.1)
      shoulda-matchers (~> 1.4.1)
    shoulda-context (1.0.1)
    shoulda-matchers (1.4.1)
      activesupport (>= 3.0.0)
    storable (0.8.9)
    sysinfo (0.8.0)
      drydock
      storable
    terminal-table (1.4.5)
    torque_rm (0.1.0)
      colorize
      parslet
      rye
      terminal-table
    trollop (2.0)

PLATFORMS
  java
  ruby

DEPENDENCIES
  bundler (> 1.0.0)
  colorize
  jeweler (~> 1.8.4)
  rdoc (~> 3.12)
  shoulda
  terminal-table
  torque_rm (>= 0.1.0)
  trollop
